GEM
  remote: https://rubygems.org/
  specs:
    jar-dependencies (0.3.0)
    leafy-complete (0.6.2-java)
      leafy-health (~> 0.6.2)
      leafy-logger (~> 0.6.2)
      leafy-metrics (~> 0.6.2)
      leafy-rack (~> 0.6.2)
    leafy-health (0.6.2-java)
      jar-dependencies (~> 0.1)
    leafy-logger (0.6.2-java)
      jar-dependencies (~> 0.1)
      leafy-metrics (~> 0.6.2)
    leafy-metrics (0.6.2-java)
      jar-dependencies (~> 0.1)
    leafy-rack (0.6.2-java)
      jar-dependencies (~> 0.1)
      leafy-health (~> 0.6.2)
      leafy-logger (~> 0.6.2)
      leafy-metrics (~> 0.6.2)
    rack (1.6.4)
    rack-protection (1.5.3)
      rack
    ruby-maven (3.3.8)
      ruby-maven-libs (~> 3.3.1)
    ruby-maven-libs (3.3.3)
    sinatra (1.4.6)
      rack (~> 1.4)
      rack-protection (~> 1.4)
      tilt (>= 1.3, < 3)
    tilt (2.0.1)

PLATFORMS
  java

DEPENDENCIES
  jar-dependencies (= 0.3.0)
  leafy-complete (= 0.6.2)
  ruby-maven (~> 3.3, >= 3.3.8)
  sinatra (~> 1.4)

BUNDLED WITH
   1.10.6
